GEM
  remote: https://rubygems.org/
  specs:
    faraday (0.9.2)
      multipart-post (>= 1.2, < 3)
    multipart-post (2.0.0)
    puma (2.14.0)

PLATFORMS
  ruby

DEPENDENCIES
  faraday
  puma

BUNDLED WITH
   1.10.6
